GEM
  remote: https://rubygems.org/
  specs:
    minitest (5.16.3)

PLATFORMS
  ruby
  x86_64-darwin-18

DEPENDENCIES
  minitest

BUNDLED WITH
   2.2.0
